GIT
  remote: git://github.com/teefax/oai.git
  revision: 52694f86142def8e2532932d50e324a13156f2d6
  specs:
    oai (0.0.9)

GIT
  remote: git://github.com/xaop/sparql-client.git
  revision: 595041f3d480a9df3fa6407a6f4cbf94c7e451f4
  branch: virtuoso_update
  specs:
    sparql-client (0.0.11)
      json_pure (>= 1.4.2)
      net-http-persistent (~> 2.6)
      rdf (>= 0.3.4)

PATH
  remote: ../rdf-virtuoso
  specs:
    rdf-virtuoso (0.0.10)
      active_attr
      activesupport (~> 3.2.3)
      api_smith
      httparty (= 0.8.2)
      rdf (~> 0.3.5)
      transaction-simple (~> 1.4.0)
      uuid (~> 2.3.5)

GEM
  remote: http://rubygems.org/
  specs:
    active_attr (0.6.0)
      activemodel (>= 3.0.2, < 4.1)
      activesupport (>= 3.0.2, < 4.1)
    activemodel (3.2.7)
      activesupport (= 3.2.7)
      builder (~> 3.0.0)
    activesupport (3.2.7)
      i18n (~> 0.6)
      multi_json (~> 1.0)
    addressable (2.3.2)
    api_smith (1.2.0)
      hashie (~> 1.0)
      httparty
      net-http-persistent
    backports (2.6.2)
    builder (3.0.0)
    diff-lcs (1.1.3)
    hashie (1.2.0)
    httparty (0.8.2)
      multi_json
      multi_xml
    i18n (0.6.0)
    json_pure (1.7.4)
    macaddr (1.6.1)
      systemu (~> 2.5.0)
    marc (0.5.0)
    mime-types (1.19)
    multi_json (1.3.6)
    multi_xml (0.5.1)
    net-http-persistent (2.7)
    nokogiri (1.5.5)
    rdf (0.3.7)
      addressable (>= 2.2.6)
    rdf-n3 (0.3.7)
      rdf (>= 0.3.4)
    rdf-rdfxml (0.3.8)
      rdf (>= 0.3.4)
      rdf-xsd (>= 0.3.5)
    rdf-spec (0.3.5.1)
      rspec (>= 2.8.0)
    rdf-xsd (0.3.7)
      backports
      nokogiri (>= 1.5.0)
      rdf (>= 0.3.4)
    rest-client (1.6.7)
      mime-types (>= 1.16)
    rspec (2.11.0)
      rspec-core (~> 2.11.0)
      rspec-expectations (~> 2.11.0)
      rspec-mocks (~> 2.11.0)
    rspec-core (2.11.1)
    rspec-expectations (2.11.2)
      diff-lcs (~> 1.1.3)
    rspec-mocks (2.11.1)
    systemu (2.5.2)
    transaction-simple (1.4.0.2)
    uuid (2.3.5)
      macaddr (~> 1.0)

PLATFORMS
  ruby

DEPENDENCIES
  builder
  marc
  nokogiri
  oai (= 0.0.9)!
  rdf
  rdf-n3
  rdf-rdfxml
  rdf-spec
  rdf-virtuoso!
  rest-client
  sparql-client!
