GIT
  remote: git://github.com/xaop/sparql-client.git
  revision: 595041f3d480a9df3fa6407a6f4cbf94c7e451f4
  branch: virtuoso_update
  specs:
    sparql-client (0.0.11)
      json_pure (>= 1.4.2)
      net-http-persistent (~> 2.6)
      rdf (>= 0.3.4)

GEM
  remote: http://rubygems.org/
  specs:
    addressable (2.2.8)
    backports (2.6.1)
    builder (3.0.0)
    faraday (0.8.1)
      multipart-post (~> 1.1)
    faraday_middleware (0.8.8)
      faraday (>= 0.7.4, < 0.9)
    json_pure (1.7.3)
    marc (0.5.0)
    mime-types (1.19)
    multipart-post (1.1.5)
    net-http-persistent (2.7)
    nokogiri (1.5.5)
    oai (0.2.0)
      builder (>= 2.0.0)
      faraday
      faraday_middleware
    rdf (0.3.7)
      addressable (>= 2.2.6)
    rdf-n3 (0.3.7)
      rdf (>= 0.3.4)
    rdf-rdfxml (0.3.8)
      rdf (>= 0.3.4)
      rdf-xsd (>= 0.3.5)
    rdf-xsd (0.3.7)
      backports
      nokogiri (>= 1.5.0)
      rdf (>= 0.3.4)
    rest-client (1.6.7)
      mime-types (>= 1.16)

PLATFORMS
  ruby

DEPENDENCIES
  builder
  marc
  nokogiri
  oai
  rdf
  rdf-n3
  rdf-rdfxml
  rest-client
  sparql-client!
