GEM
  remote: http://rubygems.org/
  specs:
    activesupport (3.2.10)
      i18n (~> 0.6)
      multi_json (~> 1.0)
    addressable (2.3.2)
    api_smith (1.2.0)
      hashie (~> 1.0)
      httparty
      net-http-persistent
    backports (2.6.5)
    builder (3.1.4)
    coderay (1.0.8)
    daemons (1.1.9)
    descendants_tracker (0.0.1)
    diff-lcs (1.1.3)
    eventmachine (1.0.0)
    faraday (0.8.4)
      multipart-post (~> 1.1)
    faraday_middleware (0.9.0)
      faraday (>= 0.7.4, < 0.9)
    foreman (0.60.2)
      thor (>= 0.13.6)
    grape (0.2.3)
      activesupport
      builder
      hashie (~> 1.2)
      multi_json (>= 1.3.2)
      multi_xml
      rack
      rack-accept
      rack-mount
      virtus
    hashie (1.2.0)
    httparty (0.8.3)
      multi_json (~> 1.0)
      multi_xml
    i18n (0.6.1)
    marc (0.5.0)
    method_source (0.8.1)
    mime-types (1.19)
    minitest (4.4.0)
    multi_json (1.5.0)
    multi_xml (0.5.1)
    multipart-post (1.1.5)
    net-http-persistent (2.8)
    nokogiri (1.5.6)
    oai (0.2.0)
      builder (>= 2.0.0)
      faraday
      faraday_middleware
    pry (0.9.10)
      coderay (~> 1.0.5)
      method_source (~> 0.8)
      slop (~> 3.3.1)
    rack (1.4.1)
    rack-accept (0.4.5)
      rack (>= 0.4)
    rack-mount (0.8.3)
      rack (>= 1.0.0)
    rack-protection (1.3.2)
      rack
    rack-proxy (0.3.7)
      rack
    rack-reverse-proxy (0.4.4)
      rack (>= 1.0.0)
    rack-test (0.6.2)
      rack (>= 1.0)
    rdf (0.3.11.1)
      addressable (>= 2.2.6)
    rdf-n3 (0.3.8)
      rdf (>= 0.3.11)
    rdf-rdfxml (0.3.9)
      rdf (>= 0.3.11)
      rdf-xsd (>= 0.3.8)
    rdf-spec (0.3.11)
      rspec (>= 2.12.0)
    rdf-virtuoso (0.1.1)
      api_smith (~> 1.2.0)
      httparty (~> 0.8.2)
      rdf (~> 0.3.7)
    rdf-xsd (0.3.8)
      rdf (>= 0.3.4)
    rest-client (1.6.7)
      mime-types (>= 1.16)
    rspec (2.12.0)
      rspec-core (~> 2.12.0)
      rspec-expectations (~> 2.12.0)
      rspec-mocks (~> 2.12.0)
    rspec-core (2.12.2)
    rspec-expectations (2.12.1)
      diff-lcs (~> 1.1.3)
    rspec-mocks (2.12.1)
    sinatra (1.3.3)
      rack (~> 1.3, >= 1.3.6)
      rack-protection (~> 1.2)
      tilt (~> 1.3, >= 1.3.3)
    sinatra-contrib (1.3.2)
      backports (>= 2.0)
      eventmachine
      rack-protection
      rack-test
      sinatra (~> 1.3.0)
      tilt (~> 1.3)
    sinatra-reloader (1.0)
      sinatra-contrib
    sinatra-spec (1.0.0)
      minitest (>= 3.1)
      rack-test (>= 0.6)
    slim (1.3.5)
      temple (~> 0.5.5)
      tilt (~> 1.3.3)
    slop (3.3.3)
    temple (0.5.5)
    thin (1.5.0)
      daemons (>= 1.0.9)
      eventmachine (>= 0.12.6)
      rack (>= 1.0.0)
    thor (0.16.0)
    tilt (1.3.3)
    virtus (0.5.4)
      backports (~> 2.6.1)
      descendants_tracker (~> 0.0.1)

PLATFORMS
  ruby

DEPENDENCIES
  builder
  bundler
  foreman
  grape
  marc
  nokogiri
  oai (= 0.2.0)
  pry
  rack-proxy
  rack-reverse-proxy
  rdf
  rdf-n3
  rdf-rdfxml
  rdf-spec
  rdf-virtuoso
  rest-client
  rspec
  rspec-mocks
  sinatra
  sinatra-contrib
  sinatra-reloader
  sinatra-spec
  slim
  thin
