GIT
  remote: git://github.com/xaop/sparql-client.git
  revision: ed4db969c53cfe587d0d70445f6ed10d48feffdf
  branch: virtuoso_update
  specs:
    sparql-client (0.0.11)
      json_pure (>= 1.4.2)
      net-http-persistent (~> 1.4.1)
      rdf (>= 0.3.4)

GEM
  remote: http://rubygems.org/
  specs:
    addressable (2.2.7)
    builder (3.0.0)
    json_pure (1.6.5)
    marc (0.4.3)
    mime-types (1.17.2)
    net-http-persistent (1.4.1)
    nokogiri (1.5.0)
    oai (0.0.13)
      builder (>= 2.0.0)
    rdf (0.3.5)
      addressable (>= 2.2.6)
    rdf-n3 (0.3.6)
      rdf (>= 0.3.4)
    rdf-rdfxml (0.3.5)
      nokogiri (>= 1.4.4)
      rdf (>= 0.3.4)
    rest-client (1.6.7)
      mime-types (>= 1.16)

PLATFORMS
  ruby

DEPENDENCIES
  builder
  marc
  nokogiri
  oai
  rdf
  rdf-n3
  rdf-rdfxml
  rest-client
  sparql-client!
