GEM
  remote: http://rubygems.org/
  specs:
    activesupport (3.2.11)
      i18n (~> 0.6)
      multi_json (~> 1.0)
    addressable (2.3.2)
    api_smith (1.2.0)
      hashie (~> 1.0)
      httparty
      net-http-persistent
    backports (2.6.7)
    builder (3.1.4)
    descendants_tracker (0.0.1)
    diff-lcs (1.1.3)
    faraday (0.8.4)
      multipart-post (~> 1.1)
    faraday_middleware (0.9.0)
      faraday (>= 0.7.4, < 0.9)
    grape (0.2.6)
      activesupport
      builder
      hashie (~> 1.2)
      multi_json (>= 1.3.2)
      multi_xml (>= 0.5.2)
      rack
      rack-accept
      rack-mount
      virtus
    hashie (1.2.0)
    httparty (0.8.3)
      multi_json (~> 1.0)
      multi_xml
    i18n (0.6.1)
    marc (0.5.0)
    mime-types (1.19)
    multi_json (1.5.0)
    multi_xml (0.5.2)
    multipart-post (1.1.5)
    net-http-persistent (2.8)
    nokogiri (1.5.6)
    oai (0.3.0)
      builder (>= 2.0.0)
      faraday
      faraday_middleware
    rack (1.5.0)
    rack-accept (0.4.5)
      rack (>= 0.4)
    rack-mount (0.8.3)
      rack (>= 1.0.0)
    rdf (0.3.11.1)
      addressable (>= 2.2.6)
    rdf-n3 (0.3.8)
      rdf (>= 0.3.11)
    rdf-rdfxml (0.3.9)
      rdf (>= 0.3.11)
      rdf-xsd (>= 0.3.8)
    rdf-spec (1.0.0)
      rspec (>= 2.12)
    rdf-virtuoso (0.1.1)
      api_smith (~> 1.2.0)
      httparty (~> 0.8.2)
      rdf (~> 0.3.7)
    rdf-xsd (1.0.0)
      backports
      nokogiri (>= 1.5.0)
      rdf (>= 0.3.4)
    rest-client (1.6.7)
      mime-types (>= 1.16)
    rspec (2.12.0)
      rspec-core (~> 2.12.0)
      rspec-expectations (~> 2.12.0)
      rspec-mocks (~> 2.12.0)
    rspec-core (2.12.2)
    rspec-expectations (2.12.1)
      diff-lcs (~> 1.1.3)
    rspec-mocks (2.12.1)
    shotgun (0.9)
      rack (>= 1.0)
    virtus (0.5.4)
      backports (~> 2.6.1)
      descendants_tracker (~> 0.0.1)

PLATFORMS
  ruby

DEPENDENCIES
  builder
  bundler
  grape
  marc
  nokogiri
  oai
  rack
  rdf
  rdf-n3
  rdf-rdfxml
  rdf-spec
  rdf-virtuoso
  rest-client
  rspec-mocks
  shotgun
