GEM
  remote: http://rubygems.org/
  specs:
    active_attr (0.6.0)
      activemodel (>= 3.0.2, < 4.1)
      activesupport (>= 3.0.2, < 4.1)
    activemodel (3.2.8)
      activesupport (= 3.2.8)
      builder (~> 3.0.0)
    activesupport (3.2.8)
      i18n (~> 0.6)
      multi_json (~> 1.0)
    addressable (2.3.2)
    api_smith (1.2.0)
      hashie (~> 1.0)
      httparty
      net-http-persistent
    backports (2.6.4)
    builder (3.0.0)
    coderay (1.0.7)
    daemons (1.1.9)
    diff-lcs (1.1.3)
    eventmachine (1.0.0)
    faraday (0.8.4)
      multipart-post (~> 1.1)
    faraday_middleware (0.8.8)
      faraday (>= 0.7.4, < 0.9)
    foreman (0.57.0)
      thor (>= 0.13.6)
    grape (0.2.1)
      hashie (~> 1.2)
      multi_json
      multi_xml
      rack
      rack-mount
    hashie (1.2.0)
    httparty (0.8.3)
      multi_json (~> 1.0)
      multi_xml
    i18n (0.6.1)
    macaddr (1.6.1)
      systemu (~> 2.5.0)
    marc (0.5.0)
    method_source (0.8)
    mime-types (1.19)
    multi_json (1.3.6)
    multi_xml (0.5.1)
    multipart-post (1.1.5)
    net-http-persistent (2.7)
    nokogiri (1.5.5)
    oai (0.2.0)
      builder (>= 2.0.0)
      faraday
      faraday_middleware
    pry (0.9.10)
      coderay (~> 1.0.5)
      method_source (~> 0.8)
      slop (~> 3.3.1)
    rack (1.4.1)
    rack-mount (0.8.3)
      rack (>= 1.0.0)
    rack-protection (1.2.0)
      rack
    rack-test (0.6.1)
      rack (>= 1.0)
    rdf (0.3.7)
      addressable (>= 2.2.6)
    rdf-n3 (0.3.7)
      rdf (>= 0.3.4)
    rdf-rdfxml (0.3.8)
      rdf (>= 0.3.4)
      rdf-xsd (>= 0.3.5)
    rdf-spec (0.3.8)
      rspec (>= 2.8.0)
    rdf-virtuoso (0.0.14)
      active_attr
      activesupport (~> 3.2.3)
      api_smith (~> 1.2.0)
      httparty (~> 0.8.2)
      rdf (~> 0.3.7)
      transaction-simple (~> 1.4.0)
      uuid (~> 2.3.5)
    rdf-xsd (0.3.8)
      rdf (>= 0.3.4)
    rest-client (1.6.7)
      mime-types (>= 1.16)
    rspec (2.11.0)
      rspec-core (~> 2.11.0)
      rspec-expectations (~> 2.11.0)
      rspec-mocks (~> 2.11.0)
    rspec-core (2.11.1)
    rspec-expectations (2.11.2)
      diff-lcs (~> 1.1.3)
    rspec-mocks (2.11.1)
    sinatra (1.3.3)
      rack (~> 1.3, >= 1.3.6)
      rack-protection (~> 1.2)
      tilt (~> 1.3, >= 1.3.3)
    sinatra-contrib (1.3.1)
      backports (>= 2.0)
      eventmachine
      rack-protection
      rack-test
      sinatra (~> 1.3.0)
      tilt (~> 1.3)
    sinatra-reloader (1.0)
      sinatra-contrib
    slim (1.3.0)
      temple (~> 0.4.1)
      tilt (~> 1.3.3)
    slop (3.3.3)
    systemu (2.5.2)
    temple (0.4.1)
    thin (1.4.1)
      daemons (>= 1.0.9)
      eventmachine (>= 0.12.6)
      rack (>= 1.0.0)
    thor (0.16.0)
    tilt (1.3.3)
    transaction-simple (1.4.0.2)
    uuid (2.3.5)
      macaddr (~> 1.0)

PLATFORMS
  ruby

DEPENDENCIES
  builder
  bundler
  foreman
  grape
  marc
  nokogiri
  oai (= 0.2.0)
  pry
  rack
  rdf
  rdf-n3
  rdf-rdfxml
  rdf-spec
  rdf-virtuoso
  rest-client
  rspec-mocks
  sinatra
  sinatra-contrib
  sinatra-reloader
  slim
  thin
