GIT
  remote: git://github.com/teefax/oai.git
  revision: 52694f86142def8e2532932d50e324a13156f2d6
  specs:
    oai (0.0.9)

GIT
  remote: git://github.com/xaop/sparql-client.git
  revision: ed4db969c53cfe587d0d70445f6ed10d48feffdf
  branch: virtuoso_update
  specs:
    sparql-client (0.0.11)
      json_pure (>= 1.4.2)
      net-http-persistent (~> 1.4.1)
      rdf (>= 0.3.4)

GEM
  remote: http://rubygems.org/
  specs:
    addressable (2.2.7)
    builder (3.0.0)
    json_pure (1.6.5)
    marc (0.4.3)
    net-http-persistent (1.4.1)
    nokogiri (1.5.0)
    rdf (0.3.5)
      addressable (>= 2.2.6)
    rdf-n3 (0.3.6)
      rdf (>= 0.3.4)
    rdf-rdfxml (0.3.5)
      nokogiri (>= 1.4.4)
      rdf (>= 0.3.4)

PLATFORMS
  ruby

DEPENDENCIES
  builder
  marc
  nokogiri
  oai (= 0.0.9)!
  rdf
  rdf-n3
  rdf-rdfxml
  sparql-client!
